PATH
  remote: .
  specs:
    biomart (0.2.3)
      builder (>= 3.0)

GEM
  remote: http://rubygems.org/
  specs:
    addressable (2.2.4)
    awesome_print (0.4.0)
    builder (3.0.0)
    crack (0.1.8)
    rake (0.9.2.2)
    shoulda (2.11.3)
    simplecov (0.4.0)
      simplecov-html (~> 0.4.0)
    simplecov-html (0.4.3)
    simplecov-rcov (0.2.0)
    vcr (1.7.2)
    webmock (1.6.2)
      addressable (>= 2.2.2)
      crack (>= 0.1.7)
    yard (0.7.3)

PLATFORMS
  ruby

DEPENDENCIES
  awesome_print
  biomart!
  rake
  shoulda (>= 2.10)
  simplecov
  simplecov-rcov
  vcr
  webmock
  yard
