PATH
  remote: .
  specs:
    biomart (0.2.2)
      builder (>= 3.0)

GEM
  remote: http://rubygems.org/
  specs:
    awesome_print (0.4.0)
    builder (3.0.0)
    shoulda (2.11.3)
    simplecov (0.4.0)
      simplecov-html (~> 0.4.0)
    simplecov-html (0.4.3)

PLATFORMS
  ruby

DEPENDENCIES
  awesome_print
  biomart!
  shoulda (>= 2.10)
  simplecov
